GEM
  remote: https://rubygems.org/
  specs:
    addressable (2.3.5)
    broach (0.3.0)
      multi_json (~> 1.7)
      nap (~> 0.5)
    broadcast (0.3.0)
      broach
      hashie
      koala
      mail
      oauth
      shout-bot
      smsified
      xmpp4r
    cinch (2.0.9)
    faraday (0.8.8)
      multipart-post (~> 1.2.0)
    hashie (2.0.5)
    httparty (0.11.0)
      multi_json (~> 1.0)
      multi_xml (>= 0.5.2)
    koala (1.6.0)
      addressable (~> 2.2)
      faraday (~> 0.8)
      multi_json (~> 1.3)
    mail (2.5.4)
      mime-types (~> 1.16)
      treetop (~> 1.4.8)
    mime-types (1.25)
    multi_json (1.8.0)
    multi_xml (0.5.5)
    multipart-post (1.2.0)
    nap (0.5.1)
    oauth (0.4.7)
    polyglot (0.3.3)
    shout-bot (0.0.7)
      addressable
    smsified (0.1.7)
      httparty
    treetop (1.4.15)
      polyglot
      polyglot (>= 0.3.1)
    xmpp4r (0.5)

PLATFORMS
  ruby

DEPENDENCIES
  broadcast
  cinch
